PATH
  remote: .
  specs:
    under-os-gamekit (0.0.0)
      under-os-core

PATH
  remote: ../under-os/gems/under-os-core
  specs:
    under-os-core (1.4.0)

GEM
  remote: https://rubygems.org/
  specs:
    rake (10.1.1)

PLATFORMS
  ruby

DEPENDENCIES
  rake
  under-os-core!
  under-os-gamekit!
