PATH
  remote: .
  specs:
    under-os-gamekit (0.0.0)
      under-os-core

GEM
  remote: https://rubygems.org/
  specs:
    rake (10.1.1)
    under-os-core (1.4.0)

PLATFORMS
  ruby

DEPENDENCIES
  rake
  under-os-gamekit!
