PATH
  remote: .
  specs:
    under-os-gamekit (0.0.0)

GEM
  remote: https://rubygems.org/
  specs:
    motion-facon (0.5.0.1)
    rake (10.1.1)

PLATFORMS
  ruby

DEPENDENCIES
  motion-facon
  rake
  under-os-gamekit!
